PATH
  remote: .
  specs:
    dolarblue (0.6.0)
      configatron (~> 3.2, >= 3.2.0)
      nokogiri (~> 1.6, >= 1.6.2)

GEM
  remote: https://rubygems.org/
  specs:
    addressable (2.4.0)
    configatron (3.2.0)
    coveralls (0.8.10)
      json (~> 1.8)
      rest-client (>= 1.6.8, < 2)
      simplecov (~> 0.11.0)
      term-ansicolor (~> 1.3)
      thor (~> 0.19.1)
      tins (~> 1.6.0)
    crack (0.4.3)
      safe_yaml (~> 1.0.0)
    diff-lcs (1.2.5)
    docile (1.1.5)
    domain_name (0.5.25)
      unf (>= 0.0.5, < 1.0.0)
    hashdiff (0.2.3)
    http-cookie (1.0.2)
      domain_name (~> 0.5)
    json (1.8.3)
    mime-types (2.99)
    mini_portile2 (2.0.0)
    netrc (0.11.0)
    nokogiri (1.6.7.1)
      mini_portile2 (~> 2.0.0.rc2)
    rake (10.4.2)
    redcarpet (3.3.3)
    rest-client (1.8.0)
      http-cookie (>= 1.0.2, < 2.0)
      mime-types (>= 1.16, < 3.0)
      netrc (~> 0.7)
    rspec (3.4.0)
      rspec-core (~> 3.4.0)
      rspec-expectations (~> 3.4.0)
      rspec-mocks (~> 3.4.0)
    rspec-core (3.4.1)
      rspec-support (~> 3.4.0)
    rspec-expectations (3.4.0)
      diff-lcs (>= 1.2.0, < 2.0)
      rspec-support (~> 3.4.0)
    rspec-mocks (3.4.0)
      diff-lcs (>= 1.2.0, < 2.0)
      rspec-support (~> 3.4.0)
    rspec-support (3.4.1)
    rubygems-tasks (0.2.4)
    safe_yaml (1.0.4)
    simplecov (0.11.1)
      docile (~> 1.1.0)
      json (~> 1.8)
      simplecov-html (~> 0.10.0)
    simplecov-html (0.10.0)
    term-ansicolor (1.3.2)
      tins (~> 1.0)
    thor (0.19.1)
    tins (1.6.0)
    unf (0.1.4)
      unf_ext
    unf_ext (0.0.7.1)
    vcr (2.9.3)
    webmock (1.22.3)
      addressable (>= 2.3.6)
      crack (>= 0.3.2)
      hashdiff
    yard (0.8.7.6)

PLATFORMS
  ruby

DEPENDENCIES
  bundler (~> 1.10, >= 1.10.4)
  coveralls (>= 0.7.12)
  dolarblue!
  rake (~> 10.4, >= 10.4.2)
  redcarpet (>= 3.1.1)
  rspec (~> 3.3, >= 3.3.0)
  rubygems-tasks (~> 0.2, >= 0.2.4)
  simplecov (>= 0.10.0)
  vcr (~> 2.9, >= 2.9.3)
  webmock (~> 1.21, >= 1.21.0)
  yard (>= 0.8.7.4)

BUNDLED WITH
   1.11.2
